PATH
  remote: .
  specs:
    mollie-sms (1.1.1)
      activesupport (>= 2.3.8)

GEM
  remote: https://rubygems.org/
  specs:
    activesupport (4.0.2)
      i18n (~> 0.6, >= 0.6.4)
      minitest (~> 4.2)
      multi_json (~> 1.3)
      thread_safe (~> 0.1)
      tzinfo (~> 0.3.37)
    atomic (1.1.14)
    bacon (1.2.0)
    i18n (0.6.9)
    metaclass (0.0.2)
    minitest (4.7.5)
    mocha (1.0.0)
      metaclass (~> 0.0.1)
    multi_json (1.8.4)
    thread_safe (0.1.3)
      atomic
    tzinfo (0.3.38)

PLATFORMS
  ruby

DEPENDENCIES
  bacon
  mocha
  mollie-sms!
